GEM
  remote: https://rubygems.org/
  specs:
    bcrypt (3.1.10)
    haml (4.0.7)
      tilt
    puma (2.15.3)
    rack (1.6.4)
    rack-protection (1.5.3)
      rack
    sass (3.4.20)
    sinatra (1.4.6)
      rack (~> 1.4)
      rack-protection (~> 1.4)
      tilt (>= 1.3, < 3)
    sqlite3 (1.3.11)
    tilt (2.0.1)

PLATFORMS
  ruby

DEPENDENCIES
  bcrypt
  haml
  puma
  sass
  sinatra
  sqlite3

BUNDLED WITH
   1.10.6
