GEM
  remote: https://rubygems.org/
  specs:
    bcrypt (3.1.10)
    rack (1.6.4)
    rack-protection (1.5.3)
      rack
    sinatra (1.4.6)
      rack (~> 1.4)
      rack-protection (~> 1.4)
      tilt (>= 1.3, < 3)
    sqlite3 (1.3.11)
    tilt (2.0.1)

PLATFORMS
  ruby

DEPENDENCIES
  bcrypt
  sinatra
  sqlite3

BUNDLED WITH
   1.10.6
